GIT
  remote: https://github.com/jekyll-octopod/jekyll-octopod
  revision: bc01a6b1d0b809dbd458bc7cec762c453a7a9be5
  specs:
    jekyll-octopod (0.9.12)
      facets (~> 3.1)
      jekyll (~> 3.8)
      jekyll-admin (~> 0.4.0)
      jekyll-bootflat (~> 0.2.6)

GEM
  remote: https://rubygems.org/
  specs:
    actionpack (4.2.11.3)
      actionview (= 4.2.11.3)
      activesupport (= 4.2.11.3)
      rack (~> 1.6)
      rack-test (~> 0.6.2)
      rails-dom-testing (~> 1.0, >= 1.0.5)
      rails-html-sanitizer (~> 1.0, >= 1.0.2)
    actionview (4.2.11.3)
      activesupport (= 4.2.11.3)
      builder (~> 3.1)
      erubis (~> 2.7.0)
      rails-dom-testing (~> 1.0, >= 1.0.5)
      rails-html-sanitizer (~> 1.0, >= 1.0.3)
    activesupport (4.2.11.3)
      i18n (~> 0.7)
      minitest (~> 5.1)
      thread_safe (~> 0.3, >= 0.3.4)
      tzinfo (~> 1.1)
    addressable (2.8.0)
      public_suffix (>= 2.0.2, < 5.0)
    backports (3.23.0)
    builder (3.2.4)
    colorator (1.1.0)
    concurrent-ruby (1.1.10)
    crass (1.0.6)
    em-websocket (0.5.3)
      eventmachine (>= 0.12.9)
      http_parser.rb (~> 0)
    erubis (2.7.0)
    eventmachine (1.2.7)
    eventmachine (1.2.7-x86-mingw32)
    facets (3.1.0)
    faraday (1.0.0)
      multipart-post (>= 1.2, < 3)
    ffi (1.15.5)
    ffi (1.15.5-x86-mingw32)
    font-awesome-sass (5.12.0)
      sassc (>= 1.11)
    forwardable-extended (2.6.0)
    http_parser.rb (0.8.0)
    i18n (0.9.5)
      concurrent-ruby (~> 1.0)
    jekyll (3.8.6)
      addressable (~> 2.4)
      colorator (~> 1.0)
      em-websocket (~> 0.5)
      i18n (~> 0.7)
      jekyll-sass-converter (~> 1.0)
      jekyll-watch (~> 2.0)
      kramdown (~> 1.14)
      liquid (~> 4.0)
      mercenary (~> 0.3.3)
      pathutil (~> 0.9)
      rouge (>= 1.7, < 4)
      safe_yaml (~> 1.0)
    jekyll-admin (0.4.1)
      addressable (~> 2.4)
      jekyll (~> 3.3)
      sinatra (~> 1.4)
      sinatra-contrib (~> 1.4)
    jekyll-bootflat (0.2.6)
      font-awesome-sass (~> 5.2)
      jekyll (~> 3.3)
    jekyll-feed (0.13.0)
      jekyll (>= 3.7, < 5.0)
    jekyll-github-metadata (2.13.0)
      jekyll (>= 3.4, < 5.0)
      octokit (~> 4.0, != 4.4.0)
    jekyll-remote-theme (0.4.3)
      addressable (~> 2.0)
      jekyll (>= 3.5, < 5.0)
      jekyll-sass-converter (>= 1.0, <= 3.0.0, != 2.0.0)
      rubyzip (>= 1.3.0, < 3.0)
    jekyll-sass-converter (1.5.2)
      sass (~> 3.4)
    jekyll-seo-tag (2.6.1)
      jekyll (>= 3.3, < 5.0)
    jekyll-serve (1.0.0.rc1)
    jekyll-theme-cayman (0.1.1)
      jekyll (~> 3.5)
      jekyll-seo-tag (~> 2.0)
    jekyll-theme-primer (0.5.4)
      jekyll (> 3.5, < 5.0)
      jekyll-github-metadata (~> 2.9)
      jekyll-seo-tag (~> 2.0)
    jekyll-watch (2.2.1)
      listen (~> 3.0)
    kramdown (1.17.0)
    liquid (4.0.3)
    listen (3.7.1)
      rb-fsevent (~> 0.10, >= 0.10.3)
      rb-inotify (~> 0.9, >= 0.9.10)
    loofah (2.18.0)
      crass (~> 1.0.2)
      nokogiri (>= 1.5.9)
    mercenary (0.3.6)
    minima (2.5.1)
      jekyll (>= 3.5, < 5.0)
      jekyll-feed (~> 0.9)
      jekyll-seo-tag (~> 2.1)
    minimal (0.0.26)
      actionpack (>= 3.0.0)
      activesupport (>= 3.0.0)
    minitest (5.16.2)
    multi_json (1.15.0)
    multipart-post (2.1.1)
    nokogiri (1.13.7-x86-mingw32)
      racc (~> 1.4)
    nokogiri (1.13.7-x86_64-linux)
      racc (~> 1.4)
    octokit (4.17.0)
      faraday (>= 0.9)
      sawyer (~> 0.8.0, >= 0.5.3)
    pathutil (0.16.2)
      forwardable-extended (~> 2.6)
    public_suffix (4.0.7)
    racc (1.6.0)
    rack (1.6.13)
    rack-protection (1.5.5)
      rack
    rack-test (0.6.3)
      rack (>= 1.0)
    rails-deprecated_sanitizer (1.0.4)
      activesupport (>= 4.2.0.alpha)
    rails-dom-testing (1.0.9)
      activesupport (>= 4.2.0, < 5.0)
      nokogiri (~> 1.6)
      rails-deprecated_sanitizer (>= 1.0.1)
    rails-html-sanitizer (1.4.3)
      loofah (~> 2.3)
    rb-fsevent (0.11.1)
    rb-inotify (0.10.1)
      ffi (~> 1.0)
    rouge (3.29.0)
    rubyzip (2.3.2)
    safe_yaml (1.0.5)
    sass (3.7.4)
      sass-listen (~> 4.0.0)
    sass-listen (4.0.0)
      rb-fsevent (~> 0.9, >= 0.9.4)
      rb-inotify (~> 0.9, >= 0.9.7)
    sassc (2.2.1)
      ffi (~> 1.9)
    sassc (2.2.1-x86-mingw32)
      ffi (~> 1.9)
    sawyer (0.8.2)
      addressable (>= 2.3.5)
      faraday (> 0.8, < 2.0)
    sinatra (1.4.8)
      rack (~> 1.5)
      rack-protection (~> 1.4)
      tilt (>= 1.3, < 3)
    sinatra-contrib (1.4.7)
      backports (>= 2.0)
      multi_json
      rack-protection
      rack-test
      sinatra (~> 1.4.0)
      tilt (>= 1.3, < 3)
    thread_safe (0.3.6)
    tilt (2.0.10)
    tzinfo (1.2.10)
      thread_safe (~> 0.1)
    tzinfo-data (1.2019.3)
      tzinfo (>= 1.0.0)
    wdm (0.1.1)

PLATFORMS
  x86-mingw32
  x86_64-linux

DEPENDENCIES
  jekyll
  jekyll-feed (~> 0.13)
  jekyll-octopod!
  jekyll-remote-theme
  jekyll-serve
  jekyll-theme-cayman (~> 0.1.1)
  jekyll-theme-primer (~> 0.5.4)
  minima (~> 2.5.1)
  minimal (~> 0.0.26)
  tzinfo (~> 1.2)
  tzinfo-data
  wdm (~> 0.1.1)

BUNDLED WITH
   2.1.4
